PATH
  remote: .
  specs:
    utilio (0.0.3)

GEM
  remote: http://rubygems.org/
  specs:
    diff-lcs (1.1.2)
    rspec (2.0.0.rc)
      rspec-core (= 2.0.0.rc)
      rspec-expectations (= 2.0.0.rc)
      rspec-mocks (= 2.0.0.rc)
    rspec-core (2.0.0.rc)
    rspec-expectations (2.0.0.rc)
      diff-lcs (>= 1.1.2)
    rspec-mocks (2.0.0.rc)
      rspec-core (= 2.0.0.rc)
      rspec-expectations (= 2.0.0.rc)

PLATFORMS
  ruby

DEPENDENCIES
  bundler (>= 1.0.0.rc.5)
  rspec (>= 2.0.0.beta.rc)
  utilio!
